PATH
  remote: .
  specs:
    spandx-rubygems (0.1.0)
      digest-crc (~> 0.4)
      msgpack (~> 1.3)
      net-hippie (~> 0.3)
      nokogiri (~> 1.10)
      pg (~> 1.2)
      thor (~> 1.0)

GEM
  remote: https://rubygems.org/
  specs:
    diff-lcs (1.3)
    digest-crc (0.4.1)
    mini_portile2 (2.4.0)
    msgpack (1.3.3)
    net-hippie (0.3.2)
    nokogiri (1.10.7)
      mini_portile2 (~> 2.4.0)
    pg (1.2.2)
    rake (12.3.3)
    rspec (3.9.0)
      rspec-core (~> 3.9.0)
      rspec-expectations (~> 3.9.0)
      rspec-mocks (~> 3.9.0)
    rspec-core (3.9.1)
      rspec-support (~> 3.9.1)
    rspec-expectations (3.9.0)
      diff-lcs (>= 1.2.0, < 2.0)
      rspec-support (~> 3.9.0)
    rspec-mocks (3.9.1)
      diff-lcs (>= 1.2.0, < 2.0)
      rspec-support (~> 3.9.0)
    rspec-support (3.9.2)
    thor (1.0.1)

PLATFORMS
  ruby

DEPENDENCIES
  rake (~> 12.0)
  rspec (~> 3.0)
  spandx-rubygems!

BUNDLED WITH
   2.1.2
