PATH
  remote: .
  specs:
    spandx-rubygems (0.1.0)
      spandx (~> 0.4)

GEM
  remote: https://rubygems.org/
  specs:
    addressable (2.7.0)
      public_suffix (>= 2.0.2, < 5.0)
    concurrent-ruby (1.1.5)
    concurrent-ruby-ext (1.1.5)
      concurrent-ruby (= 1.1.5)
    diff-lcs (1.3)
    mini_portile2 (2.4.0)
    net-hippie (0.3.2)
    nokogiri (1.10.7)
      mini_portile2 (~> 2.4.0)
    public_suffix (4.0.3)
    rake (12.3.3)
    rspec (3.9.0)
      rspec-core (~> 3.9.0)
      rspec-expectations (~> 3.9.0)
      rspec-mocks (~> 3.9.0)
    rspec-core (3.9.1)
      rspec-support (~> 3.9.1)
    rspec-expectations (3.9.0)
      diff-lcs (>= 1.2.0, < 2.0)
      rspec-support (~> 3.9.0)
    rspec-mocks (3.9.1)
      diff-lcs (>= 1.2.0, < 2.0)
      rspec-support (~> 3.9.0)
    rspec-support (3.9.2)
    spandx (0.4.1)
      addressable (~> 2.7)
      bundler (>= 1.16, < 3.0.0)
      concurrent-ruby-ext (~> 1.1)
      net-hippie (~> 0.3)
      nokogiri (~> 1.10)
      text (~> 1.3)
      thor (~> 0.1)
    text (1.3.1)
    thor (0.20.3)

PLATFORMS
  ruby

DEPENDENCIES
  rake (~> 12.0)
  rspec (~> 3.0)
  spandx-rubygems!

BUNDLED WITH
   2.1.2
